GEM
  remote: https://rubygems.org/
  specs:
    minruby (1.0.4)

PLATFORMS
  arm64-darwin-20

DEPENDENCIES
  minruby

BUNDLED WITH
   2.4.6
